GEM
  remote: https://rubygems.org/
  specs:
    addressable (2.2.8)
    coderay (1.0.6)
    excon (0.14.2)
    foreman (0.47.0)
      thor (>= 0.13.6)
    heroku (2.28.7)
      heroku-api (~> 0.2.6)
      launchy (>= 0.3.2)
      netrc (~> 0.7.5)
      rest-client (~> 1.6.1)
      rubyzip
    heroku-api (0.2.6)
      excon (~> 0.14.0)
    launchy (2.1.0)
      addressable (~> 2.2.6)
    method_source (0.7.1)
    mime-types (1.19)
    netrc (0.7.5)
    pry (0.9.9.3)
      coderay (~> 1.0.5)
      method_source (~> 0.7.1)
      slop (>= 2.4.4, < 3)
    puma (2.0.1)
      rack (>= 1.1, < 2.0)
    rack (1.4.1)
    rack-protection (1.2.0)
      rack
    rest-client (1.6.7)
      mime-types (>= 1.16)
    rubyzip (0.9.9)
    sinatra (1.3.2)
      rack (~> 1.3, >= 1.3.6)
      rack-protection (~> 1.2)
      tilt (~> 1.3, >= 1.3.3)
    slop (2.4.4)
    thor (0.15.4)
    tilt (1.3.3)

PLATFORMS
  ruby

DEPENDENCIES
  foreman
  heroku
  pry
  puma
  sinatra
